GEM
  remote: http://rubygems.org/
  specs:
    html_mini (0.0.2)
      rack (>= 1.4.0)
    lorem (0.1.2)
    nokogiri (1.5.9)
    rack (1.4.1)
    rack-protection (1.2.0)
      rack
    sinatra (1.3.3)
      rack (~> 1.3, >= 1.3.6)
      rack-protection (~> 1.2)
      tilt (~> 1.3, >= 1.3.3)
    tilt (1.3.3)

PLATFORMS
  ruby

DEPENDENCIES
  html_mini
  lorem
  nokogiri
  rack
  sinatra
