GEM
  remote: http://rubygems.org/
  specs:
    activesupport (3.2.9)
      i18n (~> 0.6)
      multi_json (~> 1.0)
    bson (1.8.0)
      activesupport
    bson_ext (1.8.0)
      bson (~> 1.8.0)
    html_mini (0.0.2)
      rack (>= 1.4.0)
    i18n (0.6.1)
    mongo (1.8.0)
      bson (~> 1.8.0)
    multi_json (1.4.0)
    nokogiri (1.5.9)
    rack (1.4.1)

PLATFORMS
  ruby

DEPENDENCIES
  bson_ext
  html_mini
  mongo
  nokogiri
  rack
